GEM
  remote: https://rubygems.org/
  specs:
    mini_portile2 (2.8.8)
    power_assert (2.0.5)
    sqlite3 (1.7.3)
      mini_portile2 (~> 2.8.0)
    test-unit (3.6.7)
      power_assert

PLATFORMS
  arm64-darwin-24
  ruby

DEPENDENCIES
  sqlite3 (~> 1.4)
  test-unit (~> 3.5)

BUNDLED WITH
   2.6.2
