GEM
  remote: https://rubygems.org/
  specs:
    coderay (1.1.3)
    method_source (1.1.0)
    mini_portile2 (2.8.8)
    mocha (2.7.1)
      ruby2_keywords (>= 0.0.5)
    power_assert (2.0.5)
    pry (0.15.2)
      coderay (~> 1.1)
      method_source (~> 1.0)
    ruby2_keywords (0.0.5)
    sqlite3 (1.7.3)
      mini_portile2 (~> 2.8.0)
    test-unit (3.6.7)
      power_assert

PLATFORMS
  arm64-darwin-24
  ruby

DEPENDENCIES
  mocha (~> 2.7)
  pry (~> 0.15.2)
  sqlite3 (~> 1.4)
  test-unit (~> 3.5)

BUNDLED WITH
   2.6.2
